GEM
  remote: https://rubygems.org/
  specs:
    TimezoneParser (0.1.0)
      insensitive_hash
      tzinfo
    insensitive_hash (0.3.3)
    newrelic_rpm (3.7.1.182)
    rack (1.5.2)
    rack-protection (1.5.2)
      rack
    sinatra (1.4.4)
      rack (~> 1.4)
      rack-protection (~> 1.4)
      tilt (~> 1.3, >= 1.3.4)
    thread_safe (0.3.3)
    tilt (1.4.1)
    tzinfo (1.1.0)
      thread_safe (~> 0.1)

PLATFORMS
  ruby

DEPENDENCIES
  TimezoneParser
  newrelic_rpm
  sinatra
