GEM
  remote: https://rubygems.org/
  specs:
    TimezoneParser (0.4.0)
      insensitive_hash
      tzinfo
    concurrent-ruby (1.1.10)
    insensitive_hash (0.3.3)
    multi_json (1.15.0)
    mustermann (2.0.2)
      ruby2_keywords (~> 0.0.1)
    nio4r (2.5.8)
    puma (6.0.0)
      nio4r (~> 2.0)
    rack (2.2.4)
    rack-protection (2.2.3)
      rack
    rbtree (0.4.5)
    ruby2_keywords (0.0.5)
    set (1.0.3)
    sinatra (2.2.3)
      mustermann (~> 2.0)
      rack (~> 2.2)
      rack-protection (= 2.2.3)
      tilt (~> 2.0)
    sinatra-contrib (2.2.3)
      multi_json
      mustermann (~> 2.0)
      rack-protection (= 2.2.3)
      sinatra (= 2.2.3)
      tilt (~> 2.0)
    sorted_set (1.0.3)
      rbtree
      set (~> 1.0)
    tilt (2.0.11)
    tzinfo (2.0.4)
      concurrent-ruby (~> 1.0)

PLATFORMS
  ruby

DEPENDENCIES
  TimezoneParser (< 1.0.0)
  puma
  sinatra
  sinatra-contrib
  sorted_set (~> 1.0)

RUBY VERSION
   ruby 3.1.2p20

BUNDLED WITH
   2.1.4
